GEM
  remote: https://rubygems.org/
  specs:
    minitest (5.15.0)

PLATFORMS
  -darwin-21
  universal-darwin-20

DEPENDENCIES
  minitest (~> 5.14)

BUNDLED WITH
   2.3.8
